NUGET
  remote: https://www.nuget.org/api/v2
  specs:
    FAKE (4.16.1)
    FSharp.Compiler.Service (1.4.2.3)
    FSharp.Data (2.2.5)
      Zlib.Portable (>= 1.10.0) - framework: portable-net40+sl50+wp80+win80
    FSharp.Formatting (2.13.4)
      FSharp.Compiler.Service (>= 1.4.2 < 1.5.0)
      FSharpVSPowerTools.Core (>= 2.2.0 < 2.3.0)
    FSharpVSPowerTools.Core (2.2.0)
      FSharp.Compiler.Service (>= 1.4.2.0)
    Microsoft.Bcl (1.1.10)
      Microsoft.Bcl.Build (>= 1.0.14)
    Microsoft.Bcl.Build (1.0.21) - import_targets: false
    Microsoft.Net.Http (2.2.29)
      Microsoft.Bcl (>= 1.1.10)
      Microsoft.Bcl.Build (>= 1.0.14)
    Octokit (0.17.0)
      Microsoft.Net.Http
    SourceLink.Fake (1.1.0)
    Zlib.Portable (1.11.0) - framework: portable-net40+sl50+wp80+win80
GITHUB
  remote: fsharp/FAKE
  specs:
    modules/Octokit/Octokit.fsx (d52c9be986bb0939b76102074f4720ebe2ffc6ea)
      Octokit
  remote: fsprojects/FSharp.TypeProviders.StarterPack
  specs:
    src/DebugProvidedTypes.fs (eb919461a3cfc5bd8a7569a7af723566b678e8fa)
    src/ProvidedTypes.fs (eb919461a3cfc5bd8a7569a7af723566b678e8fa)
    src/ProvidedTypes.fsi (eb919461a3cfc5bd8a7569a7af723566b678e8fa)